GIT
  remote: git://github.com/alexdunae/validates_email_format_of.git
  revision: 14dd0630d21172e0a03128501a9380633226c6ff
  specs:
    validates_email_format_of (1.6.3)
      i18n (< 0.7.0)

GEM
  remote: http://rubygems.org/
  specs:
    RedCloth (4.3.2)
    abstract (1.0.0)
    actionmailer (3.0.20)
      actionpack (= 3.0.20)
      mail (~> 2.2.19)
    actionpack (3.0.20)
      activemodel (= 3.0.20)
      activesupport (= 3.0.20)
      builder (~> 2.1.2)
      erubis (~> 2.6.6)
      i18n (~> 0.5.0)
      rack (~> 1.2.5)
      rack-mount (~> 0.6.14)
      rack-test (~> 0.5.7)
      tzinfo (~> 0.3.23)
    activemodel (3.0.20)
      activesupport (= 3.0.20)
      builder (~> 2.1.2)
      i18n (~> 0.5.0)
    activerecord (3.0.20)
      activemodel (= 3.0.20)
      activesupport (= 3.0.20)
      arel (~> 2.0.10)
      tzinfo (~> 0.3.23)
    activeresource (3.0.20)
      activemodel (= 3.0.20)
      activesupport (= 3.0.20)
    activesupport (3.0.20)
    acts_as_api (0.4.2)
      activemodel (>= 3.0.0)
      activesupport (>= 3.0.0)
      rack (>= 1.1.0)
    addressable (2.3.8)
    andand (1.3.3)
    arel (2.0.10)
    arvados (0.1.20160420143004)
      activesupport (>= 3, < 4.2.6)
      andand (~> 1.3, >= 1.3.3)
      google-api-client (>= 0.7, < 0.9)
      i18n (~> 0)
      json (~> 1.7, >= 1.7.7)
      jwt (>= 0.1.5, < 2)
    autoparse (0.3.3)
      addressable (>= 2.3.1)
      extlib (>= 0.9.15)
      multi_json (>= 1.0.0)
    builder (2.1.2)
    cancan (1.6.10)
    carmen (0.2.13)
    cells (3.10.1)
      actionpack (>= 3.0)
      railties (>= 3.0)
      uber (~> 0.0.4)
    climate_control (0.0.3)
      activesupport (>= 3.0)
    cocaine (0.5.7)
      climate_control (>= 0.0.3, < 1.0)
    crack (0.4.3)
      safe_yaml (~> 1.0.0)
    cure-recaptcha (0.4.1)
    cure_acts_as_versioned (0.6.3)
      activerecord (>= 3.0.9)
    erubis (2.6.6)
      abstract (>= 1.0.0)
    extlib (0.9.16)
    factory_girl (2.6.4)
      activesupport (>= 2.3.9)
    factory_girl_rails (1.7.0)
      factory_girl (~> 2.6.0)
      railties (>= 3.0.0)
    faraday (0.9.2)
      multipart-post (>= 1.2, < 3)
    fastercsv (1.5.5)
    gchart (1.0.0)
    gdata (1.1.2)
    gmaps4rails (1.3.2)
      crack
    google-api-client (0.7.1)
      addressable (>= 2.3.2)
      autoparse (>= 0.3.3)
      extlib (>= 0.9.15)
      faraday (>= 0.9.0)
      jwt (>= 0.1.5)
      launchy (>= 2.1.1)
      multi_json (>= 1.0.0)
      retriable (>= 1.4)
      signet (>= 0.5.0)
      uuidtools (>= 2.1.0)
    highline (1.6.21)
    i18n (0.5.3)
    json (1.8.3)
    jwt (0.1.13)
      multi_json (>= 1.5)
    launchy (2.4.3)
      addressable (~> 2.3)
    limerick_rake (0.0.2)
    mail (2.2.20)
      activesupport (>= 2.3.6)
      i18n (>= 0.4.0)
      mime-types (~> 1.16)
      treetop (~> 1.4.8)
    metaclass (0.0.4)
    mime-types (1.25.1)
    mocha (1.1.0)
      metaclass (~> 0.0.1)
    multi_json (1.12.0)
    multi_xml (0.5.5)
    multipart-post (2.0.0)
    mysql (2.9.1)
    net-ssh (2.9.2)
    nokogiri (1.5.11)
    oauth2 (0.9.3)
      faraday (>= 0.8, < 0.10)
      jwt (~> 0.1.8)
      multi_json (~> 1.3)
      multi_xml (~> 0.5)
      rack (~> 1.2)
    paperclip (2.3.16)
      activerecord (>= 2.3.0)
      activesupport (>= 2.3.2)
      cocaine (>= 0.0.2)
      mime-types
    polyglot (0.3.5)
    rack (1.2.8)
    rack-mount (0.6.14)
      rack (>= 1.0.0)
    rack-test (0.5.7)
      rack (>= 1.0)
    rails (3.0.20)
      actionmailer (= 3.0.20)
      actionpack (= 3.0.20)
      activerecord (= 3.0.20)
      activeresource (= 3.0.20)
      activesupport (= 3.0.20)
      bundler (~> 1.0)
      railties (= 3.0.20)
    rails3_acts_as_paranoid (0.0.9)
      activerecord (~> 3.0)
    railties (3.0.20)
      actionpack (= 3.0.20)
      activesupport (= 3.0.20)
      rake (>= 0.8.7)
      rdoc (~> 3.4)
      thor (~> 0.14.4)
    rake (10.5.0)
    rdoc (3.12.2)
      json (~> 1.4)
    redgreen (1.2.2)
    retriable (1.4.1)
    safe_yaml (1.0.4)
    shoulda (2.11.3)
    signet (0.5.1)
      addressable (>= 2.2.3)
      faraday (>= 0.9.0.rc5)
      jwt (>= 0.1.5)
      multi_json (>= 1.0.0)
    system_timer (1.2.4)
    thor (0.14.6)
    treetop (1.4.15)
      polyglot
      polyglot (>= 0.3.1)
    tzinfo (0.3.48)
    uber (0.0.6)
    userstamp (2.0.1)
    uuidtools (2.1.5)
    verhoeff (2.0.0)
    will_paginate (3.1.0)

PLATFORMS
  ruby

DEPENDENCIES
  RedCloth
  acts_as_api
  addressable (= 2.3.8)
  arvados (>= 0.1.20160413142414)
  cancan
  carmen (~> 0.2.13)
  cells (~> 3.10.1)
  cocaine (= 0.5.7)
  cure-recaptcha (~> 0.4.1)
  cure_acts_as_versioned
  factory_girl (< 3.0.0)
  factory_girl_rails
  faraday (~> 0.9)
  fastercsv
  gchart
  gdata
  gmaps4rails (~> 1.3.0)
  google-api-client (= 0.7.1)
  highline (= 1.6.21)
  i18n (= 0.5.3)
  jwt (< 1.0.0)
  limerick_rake
  mocha
  mysql
  net-ssh (= 2.9.2)
  nokogiri (~> 1.5.11)
  oauth2 (<= 0.9.3)
  paperclip (~> 2.3.16)
  rails (= 3.0.20)
  rails3_acts_as_paranoid (~> 0.0.9)
  rake (~> 10.4)
  redgreen
  retriable (< 2)
  shoulda (~> 2.11.3)
  system_timer
  uber (= 0.0.6)
  userstamp
  validates_email_format_of!
  verhoeff (~> 2.0.0)
  will_paginate

BUNDLED WITH
   1.10.3
